GEM
  remote: https://rubygems.org/
  specs:
    chunky_png (1.4.0)
    compass (1.0.3)
      chunky_png (~> 1.2)
      compass-core (~> 1.0.2)
      compass-import-once (~> 1.0.5)
      rb-fsevent (>= 0.9.3)
      rb-inotify (>= 0.9)
      sass (>= 3.3.13, < 3.5)
    compass-core (1.0.3)
      multi_json (~> 1.0)
      sass (>= 3.3.0, < 3.5)
    compass-import-once (1.0.5)
      sass (>= 3.2, < 3.5)
    ffi (1.15.0)
    kramdown (2.3.1)
      rexml
    mime-types (3.3.1)
      mime-types-data (~> 3.2015)
    mime-types-data (3.2021.0225)
    mini_portile2 (2.5.1)
    multi_json (1.15.0)
    nokogiri (1.11.5)
      mini_portile2 (~> 2.5.0)
      racc (~> 1.4)
    nokogiri (1.11.5-x86_64-linux)
      racc (~> 1.4)
    prophecy (0.2.7)
      compass (>= 0.12.2)
      kramdown (>= 1.2.0)
      mime-types (>= 1.25)
      nokogiri (>= 1.6.0)
      roman-numerals (>= 0.3.0)
      thor (~> 0.18)
    racc (1.5.2)
    rb-fsevent (0.10.4)
    rb-inotify (0.10.1)
      ffi (~> 1.0)
    rexml (3.2.5)
    roman-numerals (0.3.0)
    sass (3.4.25)
    thor (0.20.3)

PLATFORMS
  ruby
  x86_64-linux

DEPENDENCIES
  prophecy (~> 0.2.7)

BUNDLED WITH
   2.2.15
